GEM
  remote: https://rubygems.org/
  specs:
    addressable (2.7.0)
      public_suffix (>= 2.0.2, < 5.0)
    colorize (0.8.1)
    delegator (0.1.0)
    domain_name (0.5.20190701)
      unf (>= 0.0.5, < 1.0.0)
    ffi (1.13.1-x64-mingw32)
    ffi-compiler (1.0.1)
      ffi (>= 1.0.0)
      rake
    http (4.4.1)
      addressable (~> 2.3)
      http-cookie (~> 1.0)
      http-form_data (~> 2.2)
      http-parser (~> 1.2.0)
    http-cookie (1.0.3)
      domain_name (~> 0.5)
    http-form_data (2.3.0)
    http-parser (1.2.2)
      ffi-compiler
    memoist (0.16.2)
    public_suffix (4.0.6)
    rake (13.0.1)
    unf (0.1.4)
      unf_ext
    unf_ext (0.0.7.7-x64-mingw32)

PLATFORMS
  x64-mingw32

DEPENDENCIES
  colorize (~> 0.8.1)
  delegator (~> 0.1.0)
  http (~> 4.4)
  memoist (~> 0.16.2)

BUNDLED WITH
   2.1.4
